PATH
  remote: .
  specs:
    jschema (0.0.0)

GEM
  remote: https://rubygems.org/
  specs:
    minitest (5.2.0)

PLATFORMS
  ruby

DEPENDENCIES
  jschema!
  minitest
